GIT
  remote: git://github.com/meet/google-apps-trollusk.git
  revision: 34cddb5267a01b2d2adaa92a05830e70e5d274d2
  branch: watir-webdriver
  specs:
    google-apps-trollusk (0.0.1)

GIT
  remote: git://github.com/meet/open_id_authorization.git
  revision: a9ce9211ce66d95d8bd38d3aaf701597c57f179d
  specs:
    open_id_authorization (0.0.1)

GIT
  remote: git://github.com/rails/open_id_authentication.git
  revision: 8b97cd2e9e3bbe1650ea526b6be3555b159f5ad4
  specs:
    open_id_authentication (0.0.1)

PATH
  remote: ../directory
  specs:
    directory (0.0.1)

PATH
  remote: ../google-apps-provision
  specs:
    google-apps-provision (0.0.2)
      activesupport
      google-api-client
      i18n

GEM
  remote: http://rubygems.org/
  specs:
    abstract (1.0.0)
    actionmailer (3.0.20)
      actionpack (= 3.0.20)
      mail (~> 2.2.19)
    actionpack (3.0.20)
      activemodel (= 3.0.20)
      activesupport (= 3.0.20)
      builder (~> 2.1.2)
      erubis (~> 2.6.6)
      i18n (~> 0.5.0)
      rack (~> 1.2.5)
      rack-mount (~> 0.6.14)
      rack-test (~> 0.5.7)
      tzinfo (~> 0.3.23)
    activemodel (3.0.20)
      activesupport (= 3.0.20)
      builder (~> 2.1.2)
      i18n (~> 0.5.0)
    activerecord (3.0.20)
      activemodel (= 3.0.20)
      activesupport (= 3.0.20)
      arel (~> 2.0.10)
      tzinfo (~> 0.3.23)
    activeresource (3.0.20)
      activemodel (= 3.0.20)
      activesupport (= 3.0.20)
    activesupport (3.0.20)
    addressable (2.3.8)
    arel (2.0.10)
    autoparse (0.3.3)
      addressable (>= 2.3.1)
      extlib (>= 0.9.15)
      multi_json (>= 1.0.0)
    builder (2.1.2)
    childprocess (0.5.6)
      ffi (~> 1.0, >= 1.0.11)
    columnize (0.9.0)
    erubis (2.6.6)
      abstract (>= 1.0.0)
    extlib (0.9.16)
    faraday (0.9.1)
      multipart-post (>= 1.2, < 3)
    ffi (1.9.8)
    google-api-client (0.7.1)
      addressable (>= 2.3.2)
      autoparse (>= 0.3.3)
      extlib (>= 0.9.15)
      faraday (>= 0.9.0)
      jwt (>= 0.1.5)
      launchy (>= 2.1.1)
      multi_json (>= 1.0.0)
      retriable (>= 1.4)
      signet (>= 0.5.0)
      uuidtools (>= 2.1.0)
    headless (1.0.1)
    i18n (0.5.4)
    json (1.8.2)
    jwt (1.5.0)
    launchy (2.4.3)
      addressable (~> 2.3)
    linecache (0.46)
      rbx-require-relative (> 0.0.4)
    mail (2.2.20)
      activesupport (>= 2.3.6)
      i18n (>= 0.4.0)
      mime-types (~> 1.16)
      treetop (~> 1.4.8)
    mime-types (1.25.1)
    multi_json (1.11.0)
    multipart-post (2.0.0)
    net-ldap (0.8.0)
    oauth (0.4.7)
    polyglot (0.3.5)
    rack (1.2.8)
    rack-mount (0.6.14)
      rack (>= 1.0.0)
    rack-openid (1.4.2)
      rack (>= 1.1.0)
      ruby-openid (>= 2.1.8)
    rack-test (0.5.7)
      rack (>= 1.0)
    rails (3.0.20)
      actionmailer (= 3.0.20)
      actionpack (= 3.0.20)
      activerecord (= 3.0.20)
      activeresource (= 3.0.20)
      activesupport (= 3.0.20)
      bundler (~> 1.0)
      railties (= 3.0.20)
    railties (3.0.20)
      actionpack (= 3.0.20)
      activesupport (= 3.0.20)
      rake (>= 0.8.7)
      rdoc (~> 3.4)
      thor (~> 0.14.4)
    rake (10.4.2)
    rbx-require-relative (0.0.9)
    rdoc (3.12.2)
      json (~> 1.4)
    retriable (1.4.1)
    ruby-debug (0.10.4)
      columnize (>= 0.1)
      ruby-debug-base (~> 0.10.4.0)
    ruby-debug-base (0.10.4)
      linecache (>= 0.3)
    ruby-openid (2.7.0)
    rubyzip (0.9.9)
    selenium-webdriver (2.35.1)
      childprocess (>= 0.2.5)
      multi_json (~> 1.0)
      rubyzip (< 1.0.0)
      websocket (~> 1.0.4)
    signet (0.6.0)
      addressable (~> 2.3)
      extlib (~> 0.9)
      faraday (~> 0.9)
      jwt (~> 1.0)
      multi_json (~> 1.10)
    thor (0.14.6)
    treetop (1.4.15)
      polyglot
      polyglot (>= 0.3.1)
    tzinfo (0.3.44)
    uuidtools (2.1.5)
    watir-webdriver (0.6.11)
      selenium-webdriver (>= 2.18.0)
    websocket (1.0.7)

PLATFORMS
  ruby

DEPENDENCIES
  directory (= 0.0.1)!
  google-api-client
  google-apps-provision (= 0.0.2)!
  google-apps-trollusk (= 0.0.1)!
  headless (= 1.0.1)
  i18n (< 0.7.0)
  net-ldap (< 0.9.0)
  oauth
  open_id_authentication (= 0.0.1)!
  open_id_authorization (= 0.0.1)!
  rack-openid
  rails (= 3.0.20)
  retriable (< 2.0.0)
  ruby-debug
  ruby-openid
  rubyzip (< 1.0.0)
  watir-webdriver
