GIT
  remote: git://github.com/meet/directory.git
  revision: 955718c68ffcc7f4c5be3d7768653835faeb6741
  branch: new-users
  specs:
    directory (0.0.1)

GIT
  remote: git://github.com/meet/google-apps-provision.git
  revision: 5a65cb9e6b3d6f1b887e912416cd91689352cf4b
  specs:
    google-apps-provision (0.0.1)

GIT
  remote: git://github.com/meet/google-apps-trollusk.git
  revision: 5170a700b2abfc6e1de837ced50025a09ad61228
  specs:
    google-apps-trollusk (0.0.1)

GIT
  remote: git://github.com/meet/open_id_authorization.git
  revision: a9ce9211ce66d95d8bd38d3aaf701597c57f179d
  specs:
    open_id_authorization (0.0.1)

GIT
  remote: git://github.com/rails/open_id_authentication.git
  revision: 8b97cd2e9e3bbe1650ea526b6be3555b159f5ad4
  specs:
    open_id_authentication (0.0.1)

GEM
  remote: http://rubygems.org/
  specs:
    abstract (1.0.0)
    actionmailer (3.0.20)
      actionpack (= 3.0.20)
      mail (~> 2.2.19)
    actionpack (3.0.20)
      activemodel (= 3.0.20)
      activesupport (= 3.0.20)
      builder (~> 2.1.2)
      erubis (~> 2.6.6)
      i18n (~> 0.5.0)
      rack (~> 1.2.5)
      rack-mount (~> 0.6.14)
      rack-test (~> 0.5.7)
      tzinfo (~> 0.3.23)
    activemodel (3.0.20)
      activesupport (= 3.0.20)
      builder (~> 2.1.2)
      i18n (~> 0.5.0)
    activerecord (3.0.20)
      activemodel (= 3.0.20)
      activesupport (= 3.0.20)
      arel (~> 2.0.10)
      tzinfo (~> 0.3.23)
    activeresource (3.0.20)
      activemodel (= 3.0.20)
      activesupport (= 3.0.20)
    activesupport (3.0.20)
    arel (2.0.10)
    builder (2.1.2)
    columnize (0.3.6)
    erubis (2.6.6)
      abstract (>= 1.0.0)
    i18n (0.5.0)
    json (1.8.0)
    linecache (0.46)
      rbx-require-relative (> 0.0.4)
    mail (2.2.20)
      activesupport (>= 2.3.6)
      i18n (>= 0.4.0)
      mime-types (~> 1.16)
      treetop (~> 1.4.8)
    mime-types (1.25)
    net-ldap (0.3.1)
    oauth (0.4.7)
    polyglot (0.3.3)
    rack (1.2.8)
    rack-mount (0.6.14)
      rack (>= 1.0.0)
    rack-openid (1.3.1)
      rack (>= 1.1.0)
      ruby-openid (>= 2.1.8)
    rack-test (0.5.7)
      rack (>= 1.0)
    rails (3.0.20)
      actionmailer (= 3.0.20)
      actionpack (= 3.0.20)
      activerecord (= 3.0.20)
      activeresource (= 3.0.20)
      activesupport (= 3.0.20)
      bundler (~> 1.0)
      railties (= 3.0.20)
    railties (3.0.20)
      actionpack (= 3.0.20)
      activesupport (= 3.0.20)
      rake (>= 0.8.7)
      rdoc (~> 3.4)
      thor (~> 0.14.4)
    rake (10.1.0)
    rbx-require-relative (0.0.9)
    rdoc (3.12.2)
      json (~> 1.4)
    ruby-debug (0.10.4)
      columnize (>= 0.1)
      ruby-debug-base (~> 0.10.4.0)
    ruby-debug-base (0.10.4)
      linecache (>= 0.3)
    ruby-openid (2.3.0)
    thor (0.14.6)
    treetop (1.4.15)
      polyglot
      polyglot (>= 0.3.1)
    tzinfo (0.3.37)

PLATFORMS
  ruby

DEPENDENCIES
  directory (= 0.0.1)!
  google-apps-provision (= 0.0.1)!
  google-apps-trollusk (= 0.0.1)!
  net-ldap
  oauth
  open_id_authentication (= 0.0.1)!
  open_id_authorization (= 0.0.1)!
  rack-openid
  rails (= 3.0.20)
  ruby-debug
  ruby-openid
